PATH
  remote: .
  specs:
    sentry_breakpad (0.1.9)
      sentry-raven (~> 2.2.0)

GEM
  remote: https://rubygems.org/
  specs:
    diff-lcs (1.2.5)
    faraday (0.10.0)
      multipart-post (>= 1.2, < 3)
    multipart-post (2.0.0)
    rspec (3.4.0)
      rspec-core (~> 3.4.0)
      rspec-expectations (~> 3.4.0)
      rspec-mocks (~> 3.4.0)
    rspec-core (3.4.2)
      rspec-support (~> 3.4.0)
    rspec-expectations (3.4.0)
      diff-lcs (>= 1.2.0, < 2.0)
      rspec-support (~> 3.4.0)
    rspec-mocks (3.4.1)
      diff-lcs (>= 1.2.0, < 2.0)
      rspec-support (~> 3.4.0)
    rspec-support (3.4.1)
    sentry-raven (2.2.0)
      faraday (>= 0.7.6, < 1.0)

PLATFORMS
  ruby

DEPENDENCIES
  rspec
  sentry_breakpad!

BUNDLED WITH
   1.13.6
